PATH
  remote: .
  specs:
    weather-report (0.4.1)
      nokogiri
      slop (~> 3.6.0)

GEM
  remote: https://rubygems.org/
  specs:
    ansi (1.5.0)
    builder (3.2.4)
    growl (1.0.3)
    guard-compat (1.2.1)
    guard-minitest (2.4.6)
      guard-compat (~> 1.2)
      minitest (>= 3.0)
    mini_portile2 (2.4.0)
    minitest (5.14.2)
    minitest-reporters (1.4.2)
      ansi
      builder
      minitest (>= 5.0)
      ruby-progressbar
    nokogiri (1.10.10)
      mini_portile2 (~> 2.4.0)
    rake (13.0.1)
    rb-fsevent (0.10.4)
    ruby-progressbar (1.10.1)
    slop (3.6.0)

PLATFORMS
  ruby

DEPENDENCIES
  growl
  guard-minitest
  minitest-reporters
  rake
  rb-fsevent
  weather-report!

BUNDLED WITH
   2.1.4
